{
	"Modality": "MR",
	"MagneticFieldStrength": 3,
	"ImagingFrequency": 123.211,
	"Manufacturer": "Siemens",
	"ManufacturersModelName": "Prisma_fit",
	"InstitutionName": "Robarts_Research_Institute",
	"InstitutionalDepartmentName": "CFMM",
	"InstitutionAddress": "Perth_Drive_100_London_Ontario_CA_N6A_5K8",
	"DeviceSerialNumber": "67007",
	"StationName": "MRC35368",
	"BodyPartExamined": "BRAIN",
	"PatientPosition": "HFS",
	"ProcedureStepDescription": "Ansari_Adaptation",
	"SoftwareVersions": "syngo_MR_E11",
	"MRAcquisitionType": "3D",
	"SeriesDescription": "MPRAGE_SAG_iPAT2",
	"ProtocolName": "MPRAGE_SAG_iPAT2",
	"ScanningSequence": "GR_IR",
	"SequenceVariant": "SK_SP_MP",
	"ScanOptions": "IR",
	"SequenceName": "_tfl3d1_16ns",
	"ImageType": ["ORIGINAL", "PRIMARY", "M", "ND", "NORM"],
	"SeriesNumber": 8,
	"AcquisitionTime": "17:07:57.157500",
	"AcquisitionNumber": 1,
	"SliceThickness": 1,
	"SAR": 0.0893761,
	"EchoTime": 0.00298,
	"RepetitionTime": 2.3,
	"InversionTime": 0.9,
	"FlipAngle": 9,
	"PartialFourier": 1,
	"BaseResolution": 256,
	"ShimSetting": [
		5245,
		-6186,
		-3915,
		416,
		104,
		54,
		58,
		30	],
	"TxRefAmp": 226.276,
	"PhaseResolution": 1,
	"ReceiveCoilName": "Spine_32",
	"ReceiveCoilActiveElements": "HEA;HEP;SP1",
	"PulseSequenceDetails": "%SiemensSeq%_tfl",
	"ConsistencyInfo": "N4_VE11C_LATEST_20160120",
	"PercentPhaseFOV": 81.25,
	"PhaseEncodingSteps": 207,
	"AcquisitionMatrixPE": 208,
	"ReconMatrixPE": 256,
	"PixelBandwidth": 240,
	"DwellTime": 8.2e-06,
	"ImageOrientationPatientDICOM": [
		-0.0191974,
		0.999816,
		-4.5459e-08,
		0.0174492,
		0.000334995,
		-0.999848	],
	"InPlanePhaseEncodingDirectionDICOM": "ROW",
	"ConversionSoftware": "dcm2niix",
	"ConversionSoftwareVersion": "v1.0.20181114  Clang4.0.1"
}
