{
	"Modality": "MR",
	"MagneticFieldStrength": 3,
	"ImagingFrequency": 123.211,
	"Manufacturer": "Siemens",
	"ManufacturersModelName": "Prisma_fit",
	"InstitutionName": "Robarts_Research_Institute",
	"InstitutionalDepartmentName": "CFMM",
	"InstitutionAddress": "Perth_Drive_100_London_Ontario_CA_N6A_5K8",
	"DeviceSerialNumber": "67007",
	"StationName": "MRC35368",
	"BodyPartExamined": "BRAIN",
	"PatientPosition": "HFS",
	"ProcedureStepDescription": "Ansari_Adaptation",
	"SoftwareVersions": "syngo_MR_E11",
	"MRAcquisitionType": "2D",
	"SeriesDescription": "ep_bold_mb4_adaptation_3",
	"ProtocolName": "ep_bold_mb4_adaptation_3",
	"ScanningSequence": "EP",
	"SequenceVariant": "SK_SS",
	"ScanOptions": "PFP_FS",
	"SequenceName": "epfid2d1_84",
	"ImageType": ["ORIGINAL", "PRIMARY", "FMRI", "NONE", "MB", "ND", "NORM", "MOSAIC"],
	"SeriesNumber": 16,
	"AcquisitionTime": "18:53:6.265000",
	"AcquisitionNumber": 1,
	"ImageComments": "Unaliased_MB4_PE3",
	"SliceThickness": 2.5,
	"SpacingBetweenSlices": 2.5,
	"SAR": 0.0691446,
	"EchoTime": 0.03,
	"RepetitionTime": 1,
	"FlipAngle": 40,
	"PartialFourier": 0.875,
	"BaseResolution": 84,
	"ShimSetting": [
		5253,
		-6228,
		-3932,
		521,
		1,
		126,
		43,
		-49	],
	"TxRefAmp": 242.766,
	"PhaseResolution": 1,
	"ReceiveCoilName": "Head_32",
	"ReceiveCoilActiveElements": "HEA;HEP",
	"PulseSequenceDetails": "%CustomerSeq%_cmrr_mbep2d_bold",
	"WipMemBlock": "4d758af1-9426-4147-878a-409c23c1fb51||Sequence: R016 ve11b/master r/d985c4e; Nov 27 2017 16:19:23 by eja",
	"ConsistencyInfo": "N4_VE11B_LATEST_20150530",
	"MultibandAccelerationFactor": 4,
	"PercentPhaseFOV": 100,
	"EchoTrainLength": 74,
	"PhaseEncodingSteps": 74,
	"AcquisitionMatrixPE": 84,
	"ReconMatrixPE": 84,
	"BandwidthPerPixelPhaseEncode": 15.664,
	"EffectiveEchoSpacing": 0.000760008,
	"DerivedVendorReportedEchoSpacing": 0.000760008,
	"TotalReadoutTime": 0.0630806,
	"PixelBandwidth": 1565,
	"DwellTime": 3.8e-06,
	"PhaseEncodingDirection": "j-",
	"SliceTiming": [
		0,
		0.41,
		0.8175,
		0.245,
		0.655,
		0.0825,
		0.49,
		0.8975,
		0.3275,
		0.735,
		0.165,
		0.5725,
		0,
		0.41,
		0.8175,
		0.245,
		0.655,
		0.0825,
		0.49,
		0.8975,
		0.3275,
		0.735,
		0.165,
		0.5725,
		0,
		0.41,
		0.8175,
		0.245,
		0.655,
		0.0825,
		0.49,
		0.8975,
		0.3275,
		0.735,
		0.165,
		0.5725,
		0,
		0.41,
		0.8175,
		0.245,
		0.655,
		0.0825,
		0.49,
		0.8975,
		0.3275,
		0.735,
		0.165,
		0.5725	],
	"ImageOrientationPatientDICOM": [
		1,
		0,
		0,
		0,
		0.873772,
		-0.486335	],
	"InPlanePhaseEncodingDirectionDICOM": "COL",
	"ConversionSoftware": "dcm2niix",
	"ConversionSoftwareVersion": "v1.0.20181114  Clang4.0.1"
}
